GEM
  remote: https://rubygems.org/
  specs:
    activesupport (6.0.3.2)
      concurrent-ruby (~> 1.0, >= 1.0.2)
      i18n (>= 0.7, < 2)
      minitest (~> 5.1)
      tzinfo (~> 1.1)
      zeitwerk (~> 2.2, >= 2.2.2)
    addressable (2.7.0)
      public_suffix (>= 2.0.2, < 5.0)
    ast (2.4.1)
    awesome_print (1.8.0)
    aws_cf_signer (0.1.3)
    bridgetown (0.15.0)
      bridgetown-builder (= 0.15.0)
      bridgetown-core (= 0.15.0)
      bridgetown-paginate (= 0.15.0)
    bridgetown-builder (0.15.0)
      bridgetown-core (= 0.15.0)
    bridgetown-cloudinary (1.0.2)
      bridgetown (>= 0.14, < 2.0)
      cloudinary (>= 0.13)
    bridgetown-core (0.15.0)
      activesupport (~> 6.0)
      addressable (~> 2.4)
      awesome_print (~> 1.8)
      colorator (~> 1.0)
      faraday (~> 1.0)
      faraday_middleware (~> 1.0)
      i18n (~> 1.0)
      kramdown (~> 2.1)
      kramdown-parser-gfm (~> 1.0)
      liquid (~> 4.0)
      liquid-component (>= 0.1)
      liquid-render-tag (~> 0.2)
      listen (~> 3.0)
      pathutil (~> 0.9)
      rouge (~> 3.0)
      safe_yaml (~> 1.0)
      terminal-table (~> 1.8)
      thor (~> 1.0)
    bridgetown-paginate (0.15.0)
      bridgetown-core (= 0.15.0)
    bridgetown-quick-search (1.0.3)
      bridgetown (>= 0.15.0.beta1, < 2.0)
    bridgetown-seo-tag (3.0.5)
      bridgetown (>= 0.15.0, < 2.0)
    cloudinary (1.15.0)
      aws_cf_signer
      rest-client
    coderay (1.1.3)
    colorator (1.1.0)
    concurrent-ruby (1.1.6)
    crass (1.0.6)
    domain_name (0.5.20190701)
      unf (>= 0.0.5, < 1.0.0)
    faraday (1.0.1)
      multipart-post (>= 1.2, < 3)
    faraday_middleware (1.0.0)
      faraday (~> 1.0)
    feedjira (3.1.1)
      loofah (>= 2.3.1)
      sax-machine (>= 1.0)
    ffi (1.13.1)
    forwardable-extended (2.6.0)
    http-accept (1.7.0)
    http-cookie (1.0.3)
      domain_name (~> 0.5)
    httparty (0.18.1)
      mime-types (~> 3.0)
      multi_xml (>= 0.5.2)
    i18n (1.8.3)
      concurrent-ruby (~> 1.0)
    kramdown (2.2.1)
      rexml
    kramdown-parser-gfm (1.1.0)
      kramdown (~> 2.0)
    liquid (4.0.3)
    liquid-component (0.1.0)
      activesupport (>= 5.0)
      safe_yaml (~> 1.0)
    liquid-render-tag (0.2.0)
    listen (3.2.1)
      rb-fsevent (~> 0.10, >= 0.10.3)
      rb-inotify (~> 0.9, >= 0.9.10)
    loofah (2.6.0)
      crass (~> 1.0.2)
      nokogiri (>= 1.5.9)
    method_source (1.0.0)
    mime-types (3.3.1)
      mime-types-data (~> 3.2015)
    mime-types-data (3.2020.0512)
    mini_portile2 (2.4.0)
    minitest (5.14.1)
    multi_xml (0.6.0)
    multipart-post (2.1.1)
    netrc (0.11.0)
    nokogiri (1.10.9)
      mini_portile2 (~> 2.4.0)
    parallel (1.19.2)
    parser (2.7.1.4)
      ast (~> 2.4.1)
    pathutil (0.16.2)
      forwardable-extended (~> 2.6)
    pry (0.13.1)
      coderay (~> 1.1)
      method_source (~> 1.0)
    public_suffix (4.0.5)
    rainbow (3.0.0)
    rb-fsevent (0.10.4)
    rb-inotify (0.10.1)
      ffi (~> 1.0)
    regexp_parser (1.7.1)
    rest-client (2.1.0)
      http-accept (>= 1.7.0, < 2.0)
      http-cookie (>= 1.0.2, < 2.0)
      mime-types (>= 1.16, < 4.0)
      netrc (~> 0.8)
    rexml (3.2.4)
    rouge (3.20.0)
    rubocop (0.85.1)
      parallel (~> 1.10)
      parser (>= 2.7.0.1)
      rainbow (>= 2.2.2, < 4.0)
      regexp_parser (>= 1.7)
      rexml
      rubocop-ast (>= 0.0.3)
      ruby-progressbar (~> 1.7)
      unicode-display_width (>= 1.4.0, < 2.0)
    rubocop-ast (0.0.3)
      parser (>= 2.7.0.1)
    rubocop-performance (1.6.1)
      rubocop (>= 0.71.0)
    ruby-progressbar (1.10.1)
    safe_yaml (1.0.5)
    sax-machine (1.3.2)
    standard (0.4.7)
      rubocop (~> 0.85.0)
      rubocop-performance (~> 1.6.0)
    terminal-table (1.8.0)
      unicode-display_width (~> 1.1, >= 1.1.1)
    thor (1.0.1)
    thread_safe (0.3.6)
    tzinfo (1.2.7)
      thread_safe (~> 0.1)
    unf (0.1.4)
      unf_ext
    unf_ext (0.0.7.7)
    unicode-display_width (1.7.0)
    zeitwerk (2.3.0)

PLATFORMS
  ruby

DEPENDENCIES
  bridgetown (~> 0.15.0)
  bridgetown-cloudinary (~> 1.0.2)
  bridgetown-quick-search (~> 1.0)
  bridgetown-seo-tag (~> 3.0.5)
  feedjira
  httparty
  pry
  standard

BUNDLED WITH
   2.1.4
